GEM
  remote: https://rubygems.org/
  specs:
    cool.io (1.3.0)
    dotenv (1.0.2)
    fluent-plugin-idobata (0.0.3)
      fluentd
      httparty (~> 0.13)
    fluent-plugin-rewrite-tag-filter (1.4.1)
      fluentd
      string-scrub
    fluentd (0.12.5)
      cool.io (>= 1.2.2, < 2.0.0)
      http_parser.rb (>= 0.5.1, < 0.7.0)
      json (>= 1.4.3)
      msgpack (>= 0.5.11, < 0.6.0)
      sigdump (~> 0.2.2)
      string-scrub (>= 0.0.3)
      tzinfo (>= 1.0.0)
      tzinfo-data (>= 1.0.0)
      yajl-ruby (~> 1.0)
    foreman (0.77.0)
      dotenv (~> 1.0.2)
      thor (~> 0.19.1)
    http_parser.rb (0.6.0)
    httparty (0.13.3)
      json (~> 1.8)
      multi_xml (>= 0.5.2)
    json (1.8.2)
    msgpack (0.5.11)
    multi_xml (0.5.5)
    sigdump (0.2.2)
    string-scrub (0.0.5)
    thor (0.19.1)
    thread_safe (0.3.4)
    tzinfo (1.2.2)
      thread_safe (~> 0.1)
    tzinfo-data (1.2015.1)
      tzinfo (>= 1.0.0)
    yajl-ruby (1.2.1)

PLATFORMS
  ruby

DEPENDENCIES
  fluent-plugin-idobata
  fluent-plugin-rewrite-tag-filter
  fluentd
  foreman
